Brain Vision Data Exchange Header File Version 1.0
; Data created by the Vision Recorder

[Common Infos]
Codepage=UTF-8
DataFile=toyg01exp2.eeg
MarkerFile=toyg01exp2.vmrk
DataFormat=BINARY
; Data orientation: MULTIPLEXED=ch1,pt1, ch2,pt1 ...
DataOrientation=MULTIPLEXED
NumberOfChannels=3
; Sampling interval in microseconds
SamplingInterval=200

[Binary Infos]
BinaryFormat=INT_16

[Channel Infos]
; Each entry: Ch<Channel number>=<Name>,<Reference channel name>,
; <Resolution in "Unit">,<Unit>, Future extensions..
; Fields are delimited by commas, some fields might be omitted (empty).
; Commas in channel names are coded as "\1".
Ch1=Pz,,0.5,µV
Ch2=Oz,,0.5,µV
Ch3=ECG,,0.5,µV

[Coordinates]
; Electrode Position File: C:\Users\Alibekeli\Desktop\BC-MR-64_alphabet.bvef
Ch1=1,45,-90
Ch2=1,90,-90
Ch3=0,-168,39

[Comment]

BrainVision Recorder Professional   -   V. 1.20.0601


A m p l i f i e r  S e t u p
============================
Number of channels: 3
Sampling Rate [Hz]: 5000
Sampling Interval [µS]: 200

Channels
--------
#     Name      Phys. Chn.    Resolution / Unit   Low Cutoff [s]   High Cutoff [Hz]   Notch [Hz]    Series Res. [kOhm] Gradient         Offset
1     Pz          19               0.5 µV             10              250              Off               10                 
2     Oz          20               0.5 µV             10              250              Off               10                 
3     ECG         32               0.5 µV             10              250              Off               10                 

S o f t w a r e  F i l t e r s
==============================
Disabled


Data Electrodes Selected Impedance Measurement Range: 0 - 100 kOhm
Ground Electrode Selected Impedance Measurement Range: 0 - 10 kOhm
Reference Electrode Selected Impedance Measurement Range: 0 - 10 kOhm
Impedance [kOhm] at 16:20:58 :
Pz:          65
Oz:          11
ECG:         69
Ref:          0
Gnd:          0
